NUGET
  remote: https://www.nuget.org/api/v2
  specs:
    FAKE (4.20.0)
    FSharp.Core (4.0.0.1)
    FSharp.Data.SqlClient (1.8)
    Suave (1.1.1)
      FSharp.Core (>= 3.1.2.5)
